GEM
  remote: http://rubygems.org/
  specs:
    crack (0.1.8)
    daemons (1.1.3)
    eventmachine (0.12.10)
    httparty (0.7.8)
      crack (= 0.1.8)
    json (1.5.4)
    rack (1.3.2)
    sinatra (1.2.6)
      rack (~> 1.1)
      tilt (>= 1.2.2, < 2.0)
    sinatra-static-assets (1.0.4)
      sinatra (>= 1.1.0)
    thin (1.2.11)
      daemons (>= 1.0.9)
      eventmachine (>= 0.12.6)
      rack (>= 1.0.0)
    tilt (1.3.3)

PLATFORMS
  ruby

DEPENDENCIES
  httparty
  json
  sinatra
  sinatra-static-assets
  thin
